GEM
  remote: https://rubygems.org/
  specs:
    anemone (0.7.2)
      nokogiri (>= 1.3.0)
      robotex (>= 1.0.0)
    ast (2.3.0)
    astrolabe (1.3.1)
      parser (~> 2.2)
    byebug (9.1.0)
    coderay (1.1.2)
    diff-lcs (1.3)
    govuk-lint (0.8.1)
      rubocop (~> 0.35.0)
      scss_lint (~> 0.44.0)
    image_size (1.5.0)
    log4r (1.1.10)
    method_source (0.8.2)
    mini_portile2 (2.2.0)
    nokogiri (1.8.0)
      mini_portile2 (~> 2.2.0)
    parallel (1.12.0)
    parser (2.4.0.0)
      ast (~> 2.2)
    powerpack (0.1.1)
    pry (0.10.4)
      coderay (~> 1.1.0)
      method_source (~> 0.8.1)
      slop (~> 3.4)
    pry-byebug (3.5.0)
      byebug (~> 9.1)
      pry (~> 0.10)
    rainbow (2.2.2)
      rake
    rake (10.5.0)
    robotex (1.0.0)
    rspec (3.6.0)
      rspec-core (~> 3.6.0)
      rspec-expectations (~> 3.6.0)
      rspec-mocks (~> 3.6.0)
    rspec-core (3.6.0)
      rspec-support (~> 3.6.0)
    rspec-expectations (3.6.0)
      diff-lcs (>= 1.2.0, < 2.0)
      rspec-support (~> 3.6.0)
    rspec-mocks (3.6.0)
      diff-lcs (>= 1.2.0, < 2.0)
      rspec-support (~> 3.6.0)
    rspec-support (3.6.0)
    rubocop (0.35.1)
      astrolabe (~> 1.3)
      parser (>= 2.2.3.0, < 3.0)
      powerpack (~> 0.1)
      rainbow (>= 1.99.1, < 3.0)
      ruby-progressbar (~> 1.7)
      tins (<= 1.6.0)
    ruby-progressbar (1.8.1)
    sass (3.4.25)
    scss_lint (0.44.0)
      rake (~> 10.0)
      sass (~> 3.4.15)
    slop (3.6.0)
    thor (0.20.0)
    tins (1.6.0)
    wraith (4.0.1)
      anemone
      image_size
      log4r
      parallel
      rake
      robotex
      thor

PLATFORMS
  ruby

DEPENDENCIES
  govuk-lint (~> 0.8)
  pry-byebug
  rake (~> 10.0)
  rspec (~> 3.6)
  wraith (~> 4.0)

BUNDLED WITH
   1.15.1
